STORAGE: NONE
RESTRICTION: || (== net5.0) (== net6.0)
NUGET
  remote: https://api.nuget.org/v3/index.json
    Aether (8.3.1)
      FSharp.Core (>= 4.3.4)
    Avalonia (0.10.10)
      Avalonia.Remote.Protocol (>= 0.10.10)
      JetBrains.Annotations (>= 10.3)
      System.ComponentModel.Annotations (>= 4.5)
      System.Memory (>= 4.5.3)
      System.Reactive (>= 5.0)
      System.Runtime.CompilerServices.Unsafe (>= 4.6)
      System.ValueTuple (>= 4.5)
    Avalonia.Angle.Windows.Natives (2.1.0.2020091801)
    Avalonia.Desktop (0.10.10)
      Avalonia (>= 0.10.10)
      Avalonia.Native (>= 0.10.10)
      Avalonia.Skia (>= 0.10.10)
      Avalonia.Win32 (>= 0.10.10)
      Avalonia.X11 (>= 0.10.10)
    Avalonia.FreeDesktop (0.10.10)
      Avalonia (>= 0.10.10)
      Tmds.DBus (>= 0.9)
    Avalonia.Native (0.10.10)
      Avalonia (>= 0.10.10)
    Avalonia.Remote.Protocol (0.10.10)
    Avalonia.Skia (0.10.10)
      Avalonia (>= 0.10.10)
      HarfBuzzSharp (>= 2.6.1.7)
      HarfBuzzSharp.NativeAssets.Linux (>= 2.6.1.7)
      SkiaSharp (>= 2.80.2)
      SkiaSharp.NativeAssets.Linux (>= 2.80.2)
    Avalonia.Win32 (0.10.10)
      Avalonia (>= 0.10.10)
      Avalonia.Angle.Windows.Natives (>= 2.1.0.2020091801)
      System.Drawing.Common (>= 4.5)
      System.Numerics.Vectors (>= 4.5)
    Avalonia.X11 (0.10.10)
      Avalonia (>= 0.10.10)
      Avalonia.FreeDesktop (>= 0.10.10)
      Avalonia.Skia (>= 0.10.10)
    Elmish (3.1)
      FSharp.Core (>= 4.6.2)
    FSharp.Control.Reactive (5.0.2)
      FSharp.Core (>= 4.7.2)
      System.Reactive (>= 5.0)
    FSharp.Core (6.0)
    FSharp.Json (0.4.1)
      FSharp.Core (>= 4.6.2)
    Google.Protobuf (3.19.1)
    HarfBuzzSharp (2.6.1.8)
      System.Memory (>= 4.5.3)
    HarfBuzzSharp.NativeAssets.Linux (2.6.1.8)
      HarfBuzzSharp (>= 2.6.1.8)
    JaggerJo.Avalonia.FuncUI (0.4.1)
      Avalonia.Desktop (>= 0.9.9)
      FSharp.Core (>= 4.6.2)
    JaggerJo.Avalonia.FuncUI.DSL (0.4.3)
      Avalonia.Desktop (>= 0.9.9)
      FSharp.Core (>= 4.7.1)
      JaggerJo.Avalonia.FuncUI (>= 0.4.1)
    JaggerJo.Avalonia.FuncUI.Elmish (0.4)
      Avalonia.Desktop (>= 0.9.7)
      Elmish (>= 3.0.6)
      FSharp.Core (>= 4.6.2)
      JaggerJo.Avalonia.FuncUI (>= 0.4)
    JetBrains.Annotations (2021.2)
    Microsoft.AspNetCore.WebUtilities (2.2)
      Microsoft.Net.Http.Headers (>= 2.2)
      System.Text.Encodings.Web (>= 4.5)
    Microsoft.Extensions.Primitives (5.0.1)
    Microsoft.Net.Http.Headers (2.2.8)
      Microsoft.Extensions.Primitives (>= 2.2)
      System.Buffers (>= 4.5)
    Microsoft.NETCore.Platforms (5.0.3)
    Microsoft.Win32.SystemEvents (5.0)
      Microsoft.NETCore.Platforms (>= 5.0)
    Nanoid (2.1)
    OpenOnlineConfig (1.1)
    ProtoBuf.FSharp (0.1.3)
      FSharp.Core (>= 5.0)
      Google.Protobuf (>= 3.14)
    Serilog (2.10)
    Serilog.Sinks.Console (4.0)
      Serilog (>= 2.10)
    Serilog.Sinks.File (5.0)
      Serilog (>= 2.10)
    Shadowsocks (1.1)
    Shadowsocks.OnlineConfig (1.1)
      OpenOnlineConfig (>= 1.1)
      Shadowsocks (>= 1.1)
    SkiaSharp (2.80.3)
      System.Memory (>= 4.5.3)
    SkiaSharp.NativeAssets.Linux (2.80.3)
      SkiaSharp (>= 2.80.3)
    sqlite-net-pcl (1.8.116)
      SQLitePCLRaw.bundle_green (>= 2.0.4)
    SQLitePCLRaw.bundle_green (2.0.6)
      SQLitePCLRaw.core (>= 2.0.6)
      SQLitePCLRaw.lib.e_sqlite3 (>= 2.0.6)
      SQLitePCLRaw.provider.e_sqlite3 (>= 2.0.6)
    SQLitePCLRaw.core (2.0.6)
      System.Memory (>= 4.5.3)
    SQLitePCLRaw.lib.e_sqlite3 (2.0.6)
    SQLitePCLRaw.provider.e_sqlite3 (2.0.6)
      SQLitePCLRaw.core (>= 2.0.6)
    System.Buffers (4.5.1)
    System.ComponentModel.Annotations (5.0)
    System.Drawing.Common (5.0.2)
      Microsoft.Win32.SystemEvents (>= 5.0)
    System.Memory (4.5.4)
    System.Numerics.Vectors (4.5)
    System.Reactive (5.0)
    System.Reflection.Emit (4.7)
    System.Runtime.CompilerServices.Unsafe (5.0)
    System.Security.Cryptography.ProtectedData (5.0)
    System.Security.Principal.Windows (5.0)
    System.Text.Encodings.Web (5.0.1)
    System.ValueTuple (4.5)
    Tmds.DBus (0.9.1)
      System.Reflection.Emit (>= 4.7)
      System.Security.Principal.Windows (>= 4.7)
