RESTRICTION: == net7.0
NUGET
  remote: https://api.nuget.org/v3/index.json
    Aether (8.3.1)
      FSharp.Core (>= 4.3.4)
    FSharp.Control.Reactive (5.0.5)
      FSharp.Core (>= 4.7.2)
      System.Reactive (>= 5.0 < 6.0)
    FSharp.Core (7.0.200)
    FSharp.Json (0.4.1)
      FSharp.Core (>= 4.6.2)
    FSharp.SystemTextJson (1.1.23)
      FSharp.Core (>= 4.7)
      System.Text.Json (>= 6.0)
    FSharpPlus (1.4.1)
      FSharp.Core (>= 6.0.6)
    Google.Protobuf (3.19.1)
    Microsoft.AspNetCore.WebUtilities (2.2)
      Microsoft.Net.Http.Headers (>= 2.2)
      System.Text.Encodings.Web (>= 4.5)
    Microsoft.Extensions.Primitives (5.0.1)
    Microsoft.Net.Http.Headers (2.2.8)
      Microsoft.Extensions.Primitives (>= 2.2)
      System.Buffers (>= 4.5)
    Nanoid (2.1)
    OpenOnlineConfig (1.1)
    ProtoBuf.FSharp (0.2)
      FSharp.Core (>= 6.0.2)
      Google.Protobuf (>= 3.17.3)
    Serilog (2.10)
    Serilog.Sinks.Console (4.1)
      Serilog (>= 2.10)
    Serilog.Sinks.File (5.0)
      Serilog (>= 2.10)
    Shadowsocks (1.2)
    Shadowsocks.OnlineConfig (1.2)
      OpenOnlineConfig (>= 1.1)
      Shadowsocks (>= 1.2)
    sqlite-net-pcl (1.8.116)
      SQLitePCLRaw.bundle_green (>= 2.0.4)
    SQLitePCLRaw.bundle_green (2.0.6)
      SQLitePCLRaw.core (>= 2.0.6)
      SQLitePCLRaw.lib.e_sqlite3 (>= 2.0.6)
      SQLitePCLRaw.provider.e_sqlite3 (>= 2.0.6)
    SQLitePCLRaw.core (2.0.6)
      System.Memory (>= 4.5.3)
    SQLitePCLRaw.lib.e_sqlite3 (2.0.6)
    SQLitePCLRaw.provider.e_sqlite3 (2.0.6)
      SQLitePCLRaw.core (>= 2.0.6)
    System.Buffers (4.5.1)
    System.Memory (4.5.4)
    System.Reactive (5.0)
    System.Security.Cryptography.ProtectedData (7.0.1)
    System.Text.Encodings.Web (7.0)
    System.Text.Json (7.0.2)
      System.Text.Encodings.Web (>= 7.0)
